GIT
  remote: git://github.extendhealth.com/extend-health/build-support.git
  revision: ee1138d79b52b6fff93ff723379db399e9b629f2
  branch: master
  specs:
    EHBuild (0.0.1)
      albacore (~> 1.0.0)
      bottles (~> 2.0)
      compass (~> 1.0.1)
      ffi (= 1.0.9)
      nokogiri (~> 1.6.3.1)
      rake (>= 0.9.2)
      ripple-cli (~> 2.0)
      rspec (= 2.7.0)
      watir-webdriver (~> 0.6.10)
      win32-process (= 0.6.6)
      yui-compressor (~> 0.12.0)

GEM
  remote: http://rubygems.org/
  specs:
    albacore (1.0.0)
      nokogiri (~> 1.5)
      rake (~> 10.0)
      rubyzip (~> 1.0)
    bottles (2.1.0.584)
    childprocess (0.3.7)
      ffi (~> 1.0, >= 1.0.6)
    chunky_png (1.3.5)
    compass (1.0.3)
      chunky_png (~> 1.2)
      compass-core (~> 1.0.2)
      compass-import-once (~> 1.0.5)
      rb-fsevent (>= 0.9.3)
      rb-inotify (>= 0.9)
      sass (>= 3.3.13, < 3.5)
    compass-core (1.0.3)
      multi_json (~> 1.0)
      sass (>= 3.3.0, < 3.5)
    compass-import-once (1.0.5)
      sass (>= 3.2, < 3.5)
    diff-lcs (1.1.3)
    ffi (1.0.9-x86-mingw32)
    mini_portile (0.6.0)
    multi_json (1.12.1)
    nokogiri (1.6.3.1-x86-mingw32)
      mini_portile (= 0.6.0)
    rake (10.5.0)
    rb-fsevent (0.9.7)
    rb-inotify (0.9.7)
      ffi (>= 0.5.0)
    ripple-cli (2.3.4.151)
    rspec (2.7.0)
      rspec-core (~> 2.7.0)
      rspec-expectations (~> 2.7.0)
      rspec-mocks (~> 2.7.0)
    rspec-core (2.7.1)
    rspec-expectations (2.7.0)
      diff-lcs (~> 1.1.2)
    rspec-mocks (2.7.0)
    rubyzip (1.2.0)
    sass (3.4.22)
    selenium-webdriver (2.39.0)
      childprocess (>= 0.2.5)
      multi_json (~> 1.0)
      rubyzip (~> 1.0)
      websocket (~> 1.0.4)
    watir-webdriver (0.6.11)
      selenium-webdriver (>= 2.18.0)
    websocket (1.0.7)
    win32-api (1.6.0-universal-mingw32)
    win32-process (0.6.6)
      windows-pr (>= 1.2.2)
    windows-api (0.4.4)
      win32-api (>= 1.4.5)
    windows-pr (1.2.4)
      win32-api (>= 1.4.5)
      windows-api (>= 0.4.0)
    yui-compressor (0.12.0)

PLATFORMS
  x86-mingw32

DEPENDENCIES
  EHBuild!
  rake (>= 0.9.2)

BUNDLED WITH
   1.11.2
