NUGET
  remote: https://www.nuget.org/api/v2
    Baseline (1.4) - framework: >= net46, >= netstandard13
      NETStandard.Library (>= 1.6.1) - framework: >= netstandard13
      System.Collections.Concurrent (>= 4.3) - framework: >= netstandard13
      System.Diagnostics.Debug (>= 4.3) - framework: >= netstandard13
      System.Diagnostics.Process (>= 4.3) - framework: >= netstandard13
      System.Diagnostics.StackTrace (>= 4.3) - framework: >= netstandard13
      System.Globalization (>= 4.3) - framework: >= netstandard13
      System.IO.FileSystem (>= 4.3) - framework: >= netstandard13
      System.Linq (>= 4.3) - framework: >= netstandard13
      System.Linq.Expressions (>= 4.3) - framework: >= netstandard13
      System.Reflection.Extensions (>= 4.3) - framework: net451, >= net46, >= netstandard13
      System.Reflection.TypeExtensions (>= 4.3) - framework: >= netstandard13
      System.Runtime (>= 4.3) - framework: >= netstandard13
      System.Runtime.Extensions (>= 4.3) - framework: >= netstandard13
      System.Runtime.InteropServices (>= 4.3) - framework: >= netstandard13
      System.Security.Cryptography.Algorithms (>= 4.3) - framework: >= netstandard13
      System.Text.RegularExpressions (>= 4.3) - framework: >= netstandard13
      System.Threading (>= 4.3) - framework: >= netstandard13
      System.Threading.Thread (>= 4.3) - framework: >= netstandard13
      System.Xml.XmlSerializer (>= 4.3) - framework: >= netstandard13
    Bottles (2.2.0.610)
      FubuCore (>= 1.0.0.210)
    Castle.Core (4.2.1) - framework: >= net45, >= netstandard13
      NETStandard.Library (>= 1.6.1) - framework: >= netstandard13
      System.Collections.Specialized (>= 4.3) - framework: >= netstandard13
      System.ComponentModel (>= 4.3) - framework: >= netstandard13
      System.ComponentModel.TypeConverter (>= 4.3) - framework: >= netstandard13
      System.Diagnostics.TraceSource (>= 4.3) - framework: >= netstandard13
      System.Dynamic.Runtime (>= 4.3) - framework: >= netstandard13
      System.Reflection (>= 4.3) - framework: >= netstandard13
      System.Reflection.Emit (>= 4.3) - framework: >= netstandard13
      System.Reflection.TypeExtensions (>= 4.3) - framework: >= netstandard13
      System.Xml.XmlDocument (>= 4.3) - framework: >= netstandard13
    FastExpressionCompiler (1.5) - framework: >= net46, >= netstandard13
      NETStandard.Library (>= 1.6.1) - framework: netstandard13
      System.Reflection.Emit.Lightweight (>= 4.3) - framework: netstandard13, >= netstandard20
    FubuCore (2.0.1.321)
    FubuMVC.Core (3.1)
      FubuCore (>= 2.0.1.321) - framework: >= net46
      HtmlTags (>= 2.1.0.183) - framework: >= net46
      Newtonsoft.Json (>= 9.0.1) - framework: >= net46
      structuremap (>= 4.4.3) - framework: >= net46
    FubuMVC.LightningQueues (3.1.1)
      FubuMVC.Core (>= 3.1) - framework: >= net46
      LightningDB (>= 0.9.7) - framework: >= net46
      lmdb.v141 (>= 0.9.18) - framework: >= net46
      System.Reactive (>= 3.0) - framework: >= net46
    FubuMVC.Razor (3.0.1.2355)
      FubuMVC.Core (>= 3.0)
      Microsoft.AspNet.Razor (>= 2.0.20715)
    HtmlTags (2.1.0.183)
    LightningDB (0.9.9) - framework: >= net46
    lmdb.v141 (0.9.19.3) - framework: >= net46
    Marten (2.1)
      Baseline (>= 1.3) - framework: >= net46, >= netstandard13
      FastExpressionCompiler (>= 1.1.1) - framework: >= net46, >= netstandard13
      NETStandard.Library (>= 1.6.1) - framework: >= netstandard13
      Newtonsoft.Json (>= 9.0.1) - framework: >= net46, >= netstandard13
      Npgsql (>= 3.2.5) - framework: >= net46, >= netstandard13
      Remotion.Linq (>= 2.1.1) - framework: >= net46, >= netstandard13
      System.Threading.Tasks.Dataflow (>= 4.7) - framework: >= net46, >= netstandard13
    Microsoft.AspNet.Razor (2.0.30506)
    Microsoft.CSharp (4.4) - framework: >= netstandard10
      NETStandard.Library (>= 1.6.1) - framework: dnxcore50, netstandard10, netstandard13
      System.Dynamic.Runtime (>= 4.3) - framework: dnxcore50, netstandard10, netstandard13
      System.Reflection.TypeExtensions (>= 4.3) - framework: dnxcore50, netstandard13
    Microsoft.NETCore.Platforms (2.0.1) - framework: >= net35, >= netstandard10, netstandard11, netstandard12, netstandard13, netstandard14, netstandard15, netstandard16
    Microsoft.NETCore.Targets (2.0) - framework: >= net35, >= netstandard10, netstandard11, netstandard12, netstandard13, netstandard14, netstandard15, netstandard16
    Microsoft.Win32.Primitives (4.3) - framework: net46, netstandard13, netstandard14, netstandard15, netstandard16
      Microsoft.NETCore.Platforms (>= 1.1) - framework: >= netstandard13
      Microsoft.NETCore.Targets (>= 1.1) - framework: >= netstandard13
      System.Runtime (>= 4.3) - framework: >= netstandard13
    Moq (4.7.99)
      Castle.Core (>= 4.1.1) - framework: >= net45, >= netstandard13
      NETStandard.Library (>= 1.6.1) - framework: >= netstandard13
      System.Linq.Queryable (>= 4.3) - framework: >= netstandard13
      System.Reflection.TypeExtensions (>= 4.3) - framework: >= netstandard13
    NETStandard.Library (2.0.1) - framework: >= net35, >= netstandard10, netstandard11
      Microsoft.NETCore.Platforms (>= 1.1) - framework: net45, net451, net46, >= net461, uap100, >= netstandard10, netcore20, monoandroid, monotouch, portable45-net45+win8+wp8+wpa81, portable45-net45+win8+wpa81, portable46-net451+win81+wpa81, xamarinios, xamarinmac, wpav8.1
      Microsoft.Win32.Primitives (>= 4.3) - framework: net46, uap100, netstandard13, netstandard14, netstandard15, netstandard16
      System.AppContext (>= 4.3) - framework: net46, uap100, netstandard13, netstandard14, netstandard15, netstandard16
      System.Collections (>= 4.3) - framework: uap100, netstandard10, netstandard11, netstandard12, netstandard13, netstandard14, netstandard15, netstandard16
      System.Collections.Concurrent (>= 4.3) - framework: uap100, netstandard11, netstandard12, netstandard13, netstandard14, netstandard15, netstandard16
      System.Console (>= 4.3) - framework: net46, uap100, netstandard13, netstandard14, netstandard15, netstandard16
      System.Diagnostics.Debug (>= 4.3) - framework: uap100, netstandard10, netstandard11, netstandard12, netstandard13, netstandard14, netstandard15, netstandard16
      System.Diagnostics.Tools (>= 4.3) - framework: uap100, netstandard10, netstandard11, netstandard12, netstandard13, netstandard14, netstandard15, netstandard16
      System.Diagnostics.Tracing (>= 4.3) - framework: uap100, netstandard11, netstandard12, netstandard13, netstandard14, netstandard15, netstandard16
      System.Globalization (>= 4.3) - framework: uap100, netstandard10, netstandard11, netstandard12, netstandard13, netstandard14, netstandard15, netstandard16
      System.Globalization.Calendars (>= 4.3) - framework: net46, uap100, netstandard13, netstandard14, netstandard15, netstandard16
      System.IO (>= 4.3) - framework: uap100, netstandard10, netstandard11, netstandard12, netstandard13, netstandard14, netstandard15, netstandard16
      System.IO.Compression (>= 4.3) - framework: net46, uap100, netstandard11, netstandard12, netstandard13, netstandard14, netstandard15, netstandard16
      System.IO.Compression.ZipFile (>= 4.3) - framework: net46, uap100, netstandard13, netstandard14, netstandard15, netstandard16
      System.IO.FileSystem (>= 4.3) - framework: net46, uap100, netstandard13, netstandard14, netstandard15, netstandard16
      System.IO.FileSystem.Primitives (>= 4.3) - framework: net46, uap100, netstandard13, netstandard14, netstandard15, netstandard16
      System.Linq (>= 4.3) - framework: uap100, netstandard10, netstandard11, netstandard12, netstandard13, netstandard14, netstandard15, netstandard16
      System.Linq.Expressions (>= 4.3) - framework: uap100, netstandard10, netstandard11, netstandard12, netstandard13, netstandard14, netstandard15, netstandard16
      System.Net.Http (>= 4.3.2) - framework: net46, uap100, netstandard11, netstandard12, netstandard13, netstandard14, netstandard15, netstandard16
      System.Net.Primitives (>= 4.3) - framework: uap100, netstandard10, netstandard11, netstandard12, netstandard13, netstandard14, netstandard15, netstandard16
      System.Net.Sockets (>= 4.3) - framework: net46, uap100, netstandard13, netstandard14, netstandard15, netstandard16
      System.ObjectModel (>= 4.3) - framework: uap100, netstandard10, netstandard11, netstandard12, netstandard13, netstandard14, netstandard15, netstandard16
      System.Reflection (>= 4.3) - framework: uap100, netstandard10, netstandard11, netstandard12, netstandard13, netstandard14, netstandard15, netstandard16
      System.Reflection.Extensions (>= 4.3) - framework: uap100, netstandard10, netstandard11, netstandard12, netstandard13, netstandard14, netstandard15, netstandard16
      System.Reflection.Primitives (>= 4.3) - framework: uap100, netstandard10, netstandard11, netstandard12, netstandard13, netstandard14, netstandard15, netstandard16
      System.Resources.ResourceManager (>= 4.3) - framework: uap100, netstandard10, netstandard11, netstandard12, netstandard13, netstandard14, netstandard15, netstandard16
      System.Runtime (>= 4.3) - framework: uap100, netstandard10, netstandard11, netstandard12, netstandard13, netstandard14, netstandard15, netstandard16
      System.Runtime.Extensions (>= 4.3) - framework: uap100, netstandard10, netstandard11, netstandard12, netstandard13, netstandard14, netstandard15, netstandard16
      System.Runtime.Handles (>= 4.3) - framework: uap100, netstandard13, netstandard14, netstandard15, netstandard16
      System.Runtime.InteropServices (>= 4.3) - framework: uap100, netstandard11, netstandard12, netstandard13, netstandard14, netstandard15, netstandard16
      System.Runtime.InteropServices.RuntimeInformation (>= 4.3) - framework: net45, net451, net46, uap100, netstandard11, netstandard12, netstandard13, netstandard14, netstandard15, netstandard16, portable45-net45+win8+wpa81, portable46-net451+win81+wpa81, wpav8.1
      System.Runtime.Numerics (>= 4.3) - framework: uap100, netstandard11, netstandard12, netstandard13, netstandard14, netstandard15, netstandard16
      System.Security.Cryptography.Algorithms (>= 4.3) - framework: net46, uap100, netstandard13, netstandard14, netstandard15, netstandard16
      System.Security.Cryptography.Encoding (>= 4.3) - framework: net46, uap100, netstandard13, netstandard14, netstandard15, netstandard16
      System.Security.Cryptography.Primitives (>= 4.3) - framework: net46, uap100, netstandard13, netstandard14, netstandard15, netstandard16
      System.Security.Cryptography.X509Certificates (>= 4.3) - framework: net46, uap100, netstandard13, netstandard14, netstandard15, netstandard16
      System.Text.Encoding (>= 4.3) - framework: uap100, netstandard10, netstandard11, netstandard12, netstandard13, netstandard14, netstandard15, netstandard16
      System.Text.Encoding.Extensions (>= 4.3) - framework: uap100, netstandard10, netstandard11, netstandard12, netstandard13, netstandard14, netstandard15, netstandard16
      System.Text.RegularExpressions (>= 4.3) - framework: uap100, netstandard10, netstandard11, netstandard12, netstandard13, netstandard14, netstandard15, netstandard16
      System.Threading (>= 4.3) - framework: uap100, netstandard10, netstandard11, netstandard12, netstandard13, netstandard14, netstandard15, netstandard16
      System.Threading.Tasks (>= 4.3) - framework: uap100, netstandard10, netstandard11, netstandard12, netstandard13, netstandard14, netstandard15, netstandard16
      System.Threading.Timer (>= 4.3) - framework: uap100, netstandard12, netstandard13, netstandard14, netstandard15, netstandard16
      System.Xml.ReaderWriter (>= 4.3) - framework: net46, uap100, netstandard10, netstandard11, netstandard12, netstandard13, netstandard14, netstandard15, netstandard16
      System.Xml.XDocument (>= 4.3) - framework: uap100, netstandard10, netstandard11, netstandard12, netstandard13, netstandard14, netstandard15, netstandard16
    Newtonsoft.Json (9.0.1)
      Microsoft.CSharp (>= 4.0.1) - framework: >= netstandard10
      System.Collections (>= 4.0.11) - framework: >= netstandard10
      System.Diagnostics.Debug (>= 4.0.11) - framework: >= netstandard10
      System.Dynamic.Runtime (>= 4.0.11) - framework: >= netstandard10
      System.Globalization (>= 4.0.11) - framework: >= netstandard10
      System.IO (>= 4.1) - framework: >= netstandard10
      System.Linq (>= 4.1) - framework: >= netstandard10
      System.Linq.Expressions (>= 4.1) - framework: >= netstandard10
      System.ObjectModel (>= 4.0.12) - framework: >= netstandard10
      System.Reflection (>= 4.1) - framework: >= netstandard10
      System.Reflection.Extensions (>= 4.0.1) - framework: >= netstandard10
      System.Resources.ResourceManager (>= 4.0.1) - framework: >= netstandard10
      System.Runtime (>= 4.1) - framework: >= netstandard10
      System.Runtime.Extensions (>= 4.1) - framework: >= netstandard10
      System.Runtime.Serialization.Primitives (>= 4.1.1) - framework: >= netstandard10
      System.Text.Encoding (>= 4.0.11) - framework: >= netstandard10
      System.Text.Encoding.Extensions (>= 4.0.11) - framework: >= netstandard10
      System.Text.RegularExpressions (>= 4.1) - framework: >= netstandard10
      System.Threading (>= 4.0.11) - framework: >= netstandard10
      System.Threading.Tasks (>= 4.0.11) - framework: >= netstandard10
      System.Xml.ReaderWriter (>= 4.0.11) - framework: >= netstandard10
      System.Xml.XDocument (>= 4.0.11) - framework: >= netstandard10
    Npgsql (3.2.5)
      NETStandard.Library (>= 1.6.1) - framework: netstandard13
      System.Collections.Specialized (>= 4.3) - framework: netstandard13
      System.ComponentModel.TypeConverter (>= 4.3) - framework: netstandard13
      System.Data.Common (>= 4.3) - framework: netstandard13
      System.Diagnostics.Process (>= 4.3) - framework: netstandard13
      System.Globalization.Extensions (>= 4.3) - framework: netstandard13
      System.Net.NameResolution (>= 4.3) - framework: netstandard13
      System.Net.NetworkInformation (>= 4.3) - framework: netstandard13
      System.Net.Security (>= 4.3) - framework: netstandard13
      System.Reflection.TypeExtensions (>= 4.3) - framework: netstandard13
      System.Threading.Tasks.Extensions (>= 4.3) - framework: net45, >= net451, netstandard13, >= netstandard20
      System.Threading.Thread (>= 4.3) - framework: netstandard13
    Remotion.Linq (2.1.2) - framework: >= net46, >= netstandard13
      System.Collections (>= 4.0.11) - framework: >= netstandard10
      System.Diagnostics.Debug (>= 4.0.11) - framework: >= netstandard10
      System.Linq (>= 4.1) - framework: >= netstandard10
      System.Linq.Expressions (>= 4.1) - framework: >= netstandard10
      System.Linq.Queryable (>= 4.0.1) - framework: >= netstandard10
      System.ObjectModel (>= 4.0.12) - framework: >= netstandard10
      System.Reflection (>= 4.1) - framework: >= netstandard10
      System.Reflection.Extensions (>= 4.0.1) - framework: >= netstandard10
      System.Runtime (>= 4.1) - framework: >= netstandard10
      System.Runtime.Extensions (>= 4.1) - framework: >= netstandard10
      System.Threading (>= 4.0.11) - framework: >= netstandard10
    runtime.debian.8-x64.runtime.native.System.Security.Cryptography.OpenSsl (4.3.2) - framework: net46, netstandard13, netstandard14, netstandard15, netstandard16
    runtime.fedora.23-x64.runtime.native.System.Security.Cryptography.OpenSsl (4.3.2) - framework: net46, netstandard13, netstandard14, netstandard15, netstandard16
    runtime.fedora.24-x64.runtime.native.System.Security.Cryptography.OpenSsl (4.3.2) - framework: net46, netstandard13, netstandard14, netstandard15, netstandard16
    runtime.native.System (4.3) - framework: net45, >= net45, >= netstandard11, netstandard13, netstandard14, netstandard15, netstandard16
      Microsoft.NETCore.Platforms (>= 1.1)
      Microsoft.NETCore.Targets (>= 1.1)
    runtime.native.System.IO.Compression (4.3.1) - framework: net46, netstandard13, netstandard14, netstandard15, netstandard16
      Microsoft.NETCore.Platforms (>= 1.1)
      Microsoft.NETCore.Targets (>= 1.1.1)
    runtime.native.System.Net.Http (4.3) - framework: net46, netstandard16
      Microsoft.NETCore.Platforms (>= 1.1)
      Microsoft.NETCore.Targets (>= 1.1)
    runtime.native.System.Security.Cryptography.OpenSsl (4.3.2) - framework: net46, netstandard13, netstandard14, netstandard15, netstandard16
      runtime.debian.8-x64.runtime.native.System.Security.Cryptography.OpenSsl (>= 4.3.2)
      runtime.fedora.23-x64.runtime.native.System.Security.Cryptography.OpenSsl (>= 4.3.2)
      runtime.fedora.24-x64.runtime.native.System.Security.Cryptography.OpenSsl (>= 4.3.2)
      runtime.opensuse.13.2-x64.runtime.native.System.Security.Cryptography.OpenSsl (>= 4.3.2)
      runtime.opensuse.42.1-x64.runtime.native.System.Security.Cryptography.OpenSsl (>= 4.3.2)
      runtime.osx.10.10-x64.runtime.native.System.Security.Cryptography.OpenSsl (>= 4.3.2)
      runtime.rhel.7-x64.runtime.native.System.Security.Cryptography.OpenSsl (>= 4.3.2)
      runtime.ubuntu.14.04-x64.runtime.native.System.Security.Cryptography.OpenSsl (>= 4.3.2)
      runtime.ubuntu.16.04-x64.runtime.native.System.Security.Cryptography.OpenSsl (>= 4.3.2)
      runtime.ubuntu.16.10-x64.runtime.native.System.Security.Cryptography.OpenSsl (>= 4.3.2)
    runtime.opensuse.13.2-x64.runtime.native.System.Security.Cryptography.OpenSsl (4.3.2) - framework: net46, netstandard13, netstandard14, netstandard15, netstandard16
    runtime.opensuse.42.1-x64.runtime.native.System.Security.Cryptography.OpenSsl (4.3.2) - framework: net46, netstandard13, netstandard14, netstandard15, netstandard16
    runtime.osx.10.10-x64.runtime.native.System.Security.Cryptography.OpenSsl (4.3.2) - framework: net46, netstandard13, netstandard14, netstandard15, netstandard16
    runtime.rhel.7-x64.runtime.native.System.Security.Cryptography.OpenSsl (4.3.2) - framework: net46, netstandard13, netstandard14, netstandard15, netstandard16
    runtime.ubuntu.14.04-x64.runtime.native.System.Security.Cryptography.OpenSsl (4.3.2) - framework: net46, netstandard13, netstandard14, netstandard15, netstandard16
    runtime.ubuntu.16.04-x64.runtime.native.System.Security.Cryptography.OpenSsl (4.3.2) - framework: net46, netstandard13, netstandard14, netstandard15, netstandard16
    runtime.ubuntu.16.10-x64.runtime.native.System.Security.Cryptography.OpenSsl (4.3.2) - framework: net46, netstandard13, netstandard14, netstandard15, netstandard16
    Shouldly (2.8.3)
      Microsoft.CSharp (>= 4.0.1) - framework: >= netstandard13
      NETStandard.Library (>= 1.6) - framework: >= netstandard13
      System.Diagnostics.Process (>= 4.1) - framework: >= netstandard13
      System.Diagnostics.StackTrace (>= 4.0.1) - framework: >= netstandard13
      System.Dynamic.Runtime (>= 4.0.11) - framework: >= netstandard13
      System.IO.FileSystem (>= 4.0.1) - framework: >= netstandard13
      System.Linq (>= 4.1) - framework: >= netstandard13
      System.Linq.Expressions (>= 4.1) - framework: >= netstandard13
      System.Reflection (>= 4.1) - framework: >= netstandard13
      System.Reflection.TypeExtensions (>= 4.1) - framework: >= netstandard13
      System.Threading.Timer (>= 4.0.1) - framework: >= netstandard13
    Storyteller (3.0.1)
    structuremap (4.4.5)
      NETStandard.Library (>= 1.6) - framework: netstandard13, >= netstandard15
      System.Collections.Concurrent (>= 4.0.12) - framework: netstandard13, >= netstandard15
      System.Reflection.TypeExtensions (>= 4.1) - framework: netstandard13, >= netstandard15
      System.Runtime.Loader (>= 4.0) - framework: >= netstandard15
    System.AppContext (4.3) - framework: net46, netstandard13, netstandard14, netstandard15, netstandard16
      System.Runtime (>= 4.3) - framework: dnxcore50, netstandard13, >= netstandard16
    System.Buffers (4.4) - framework: net46, netstandard13, netstandard14, netstandard15, netstandard16
      System.Diagnostics.Debug (>= 4.3) - framework: net45, >= netstandard11
      System.Diagnostics.Tracing (>= 4.3) - framework: net45, >= netstandard11
      System.Resources.ResourceManager (>= 4.3) - framework: net45, >= netstandard11
      System.Runtime (>= 4.3) - framework: net45, >= netstandard11
      System.Threading (>= 4.3) - framework: net45, >= netstandard11
    System.Collections (4.3) - framework: >= net35, >= netstandard10, netstandard11, netstandard12, netstandard13, netstandard14, netstandard15, netstandard16
      Microsoft.NETCore.Platforms (>= 1.1) - framework: dnxcore50, netstandard10, >= netstandard13
      Microsoft.NETCore.Targets (>= 1.1) - framework: dnxcore50, netstandard10, >= netstandard13
      System.Runtime (>= 4.3) - framework: dnxcore50, netstandard10, >= netstandard13
    System.Collections.Concurrent (4.3) - framework: >= net35, >= netstandard11, netstandard13, netstandard14, netstandard15, netstandard16
      System.Collections (>= 4.3) - framework: dnxcore50, >= netstandard13
      System.Diagnostics.Debug (>= 4.3) - framework: dnxcore50, >= netstandard13
      System.Diagnostics.Tracing (>= 4.3) - framework: dnxcore50, >= netstandard13
      System.Globalization (>= 4.3) - framework: dnxcore50, >= netstandard13
      System.Reflection (>= 4.3) - framework: >= netstandard13
      System.Resources.ResourceManager (>= 4.3) - framework: dnxcore50, >= netstandard13
      System.Runtime (>= 4.3) - framework: dnxcore50, netstandard11, >= netstandard13
      System.Runtime.Extensions (>= 4.3) - framework: dnxcore50, >= netstandard13
      System.Threading (>= 4.3) - framework: dnxcore50, >= netstandard13
      System.Threading.Tasks (>= 4.3) - framework: dnxcore50, netstandard11, >= netstandard13
    System.Collections.Immutable (1.4) - framework: >= net461, >= netstandard13
      NETStandard.Library (>= 1.6.1) - framework: >= netstandard10
    System.Collections.NonGeneric (4.3) - framework: >= net45, >= netstandard13
      System.Diagnostics.Debug (>= 4.3) - framework: >= netstandard13
      System.Globalization (>= 4.3) - framework: >= netstandard13
      System.Resources.ResourceManager (>= 4.3) - framework: >= netstandard13
      System.Runtime (>= 4.3) - framework: >= netstandard13
      System.Runtime.Extensions (>= 4.3) - framework: >= netstandard13
      System.Threading (>= 4.3) - framework: >= netstandard13
    System.Collections.Specialized (4.3) - framework: >= net45, >= netstandard13
      System.Collections.NonGeneric (>= 4.3) - framework: >= netstandard13
      System.Globalization (>= 4.3) - framework: >= netstandard13
      System.Globalization.Extensions (>= 4.3) - framework: >= netstandard13
      System.Resources.ResourceManager (>= 4.3) - framework: >= netstandard13
      System.Runtime (>= 4.3) - framework: >= netstandard13
      System.Runtime.Extensions (>= 4.3) - framework: >= netstandard13
      System.Threading (>= 4.3) - framework: >= netstandard13
    System.ComponentModel (4.3) - framework: >= net45, >= netstandard13
      System.Runtime (>= 4.3) - framework: dnxcore50, netstandard10, >= netstandard13
    System.ComponentModel.TypeConverter (4.3) - framework: >= net45, >= netstandard13
    System.Console (4.3) - framework: net46, netstandard13, netstandard14, netstandard15, netstandard16
      Microsoft.NETCore.Platforms (>= 1.1) - framework: >= netstandard13
      Microsoft.NETCore.Targets (>= 1.1) - framework: >= netstandard13
      System.IO (>= 4.3) - framework: >= netstandard13
      System.Runtime (>= 4.3) - framework: >= netstandard13
      System.Text.Encoding (>= 4.3) - framework: >= netstandard13
    System.Data.Common (4.3) - framework: netstandard13
      System.Collections (>= 4.3) - framework: >= netstandard12
      System.Globalization (>= 4.3) - framework: >= netstandard12
      System.IO (>= 4.3) - framework: >= netstandard12
      System.Resources.ResourceManager (>= 4.3) - framework: >= netstandard12
      System.Runtime (>= 4.3) - framework: >= netstandard12
      System.Runtime.Extensions (>= 4.3) - framework: >= netstandard12
      System.Text.RegularExpressions (>= 4.3) - framework: >= netstandard12
      System.Threading.Tasks (>= 4.3) - framework: >= netstandard12
    System.Diagnostics.Debug (4.3) - framework: >= net35, >= netstandard10, netstandard11, netstandard12, netstandard13, netstandard14, netstandard15, netstandard16
      Microsoft.NETCore.Platforms (>= 1.1) - framework: dnxcore50, netstandard10, >= netstandard13
      Microsoft.NETCore.Targets (>= 1.1) - framework: dnxcore50, netstandard10, >= netstandard13
      System.Runtime (>= 4.3) - framework: dnxcore50, netstandard10, >= netstandard13
    System.Diagnostics.DiagnosticSource (4.4.1) - framework: net46, netstandard13, netstandard16
      System.Collections (>= 4.3) - framework: netstandard11, >= netstandard13
      System.Diagnostics.Debug (>= 4.3) - framework: >= netstandard13
      System.Diagnostics.Tracing (>= 4.3) - framework: netstandard11, >= netstandard13
      System.Reflection (>= 4.3) - framework: netstandard11, >= netstandard13
      System.Runtime (>= 4.3) - framework: netstandard11, >= netstandard13
      System.Runtime.Extensions (>= 4.3) - framework: >= netstandard13
      System.Threading (>= 4.3) - framework: netstandard11, >= netstandard13
    System.Diagnostics.Process (4.3) - framework: >= net46, >= netstandard13
      System.IO (>= 4.3) - framework: >= netstandard13
      System.Runtime (>= 4.3) - framework: >= netstandard13
      System.Runtime.Handles (>= 4.3) - framework: >= netstandard13
      System.Text.Encoding (>= 4.3) - framework: >= netstandard13
    System.Diagnostics.StackTrace (4.3) - framework: >= net46, >= netstandard13
      System.IO.FileSystem (>= 4.3) - framework: >= netstandard13
      System.Reflection (>= 4.3) - framework: >= netstandard13
      System.Reflection.Metadata (>= 1.4.1) - framework: >= netstandard13
      System.Runtime (>= 4.3) - framework: >= netstandard13
    System.Diagnostics.Tools (4.3) - framework: >= net35, >= netstandard10, netstandard11, netstandard13, netstandard14, netstandard15, netstandard16
      Microsoft.NETCore.Platforms (>= 1.1) - framework: dnxcore50, >= netstandard10
      Microsoft.NETCore.Targets (>= 1.1) - framework: dnxcore50, >= netstandard10
      System.Runtime (>= 4.3) - framework: dnxcore50, >= netstandard10
    System.Diagnostics.TraceSource (4.3) - framework: >= net45, >= netstandard13
      Microsoft.NETCore.Platforms (>= 1.1) - framework: >= netstandard13
      runtime.native.System (>= 4.3) - framework: >= netstandard13
      System.Collections (>= 4.3) - framework: >= netstandard13
      System.Diagnostics.Debug (>= 4.3) - framework: >= netstandard13
      System.Globalization (>= 4.3) - framework: >= netstandard13
      System.Resources.ResourceManager (>= 4.3) - framework: >= netstandard13
      System.Runtime (>= 4.3) - framework: >= netstandard13
      System.Runtime.Extensions (>= 4.3) - framework: >= netstandard13
      System.Threading (>= 4.3) - framework: >= netstandard13
    System.Diagnostics.Tracing (4.3) - framework: >= net35, >= netstandard11, netstandard13, netstandard14, netstandard15, netstandard16
      Microsoft.NETCore.Platforms (>= 1.1) - framework: dnxcore50, netstandard11, netstandard12, netstandard13, >= netstandard15
      Microsoft.NETCore.Targets (>= 1.1) - framework: dnxcore50, netstandard11, netstandard12, netstandard13, >= netstandard15
      System.Runtime (>= 4.3) - framework: dnxcore50, netstandard11, netstandard12, netstandard13, >= netstandard15
    System.Dynamic.Runtime (4.3) - framework: net45, >= net45, >= netstandard10, netstandard13
      System.Collections (>= 4.3) - framework: dnxcore50, >= netstandard13
      System.Diagnostics.Debug (>= 4.3) - framework: dnxcore50, >= netstandard13
      System.Linq (>= 4.3) - framework: dnxcore50, >= netstandard13
      System.Linq.Expressions (>= 4.3) - framework: dnxcore50, netstandard10, >= netstandard13
      System.ObjectModel (>= 4.3) - framework: dnxcore50, netstandard10, >= netstandard13
      System.Reflection (>= 4.3) - framework: dnxcore50, netstandard10, >= netstandard13
      System.Reflection.Emit (>= 4.3) - framework: >= netstandard13
      System.Reflection.Emit.ILGeneration (>= 4.3) - framework: >= netstandard13
      System.Reflection.Primitives (>= 4.3) - framework: >= netstandard13
      System.Reflection.TypeExtensions (>= 4.3) - framework: dnxcore50, >= netstandard13
      System.Resources.ResourceManager (>= 4.3) - framework: dnxcore50, >= netstandard13
      System.Runtime (>= 4.3) - framework: dnxcore50, netstandard10, >= netstandard13
      System.Runtime.Extensions (>= 4.3) - framework: dnxcore50, >= netstandard13
      System.Threading (>= 4.3) - framework: dnxcore50, >= netstandard13
    System.Globalization (4.3) - framework: >= net35, >= netstandard10, netstandard11, netstandard12, netstandard13, netstandard14, netstandard15, netstandard16
      Microsoft.NETCore.Platforms (>= 1.1) - framework: dnxcore50, netstandard10, >= netstandard13
      Microsoft.NETCore.Targets (>= 1.1) - framework: dnxcore50, netstandard10, >= netstandard13
      System.Runtime (>= 4.3) - framework: dnxcore50, netstandard10, >= netstandard13
    System.Globalization.Calendars (4.3) - framework: net46, netstandard13, netstandard14, netstandard15, netstandard16
      Microsoft.NETCore.Platforms (>= 1.1) - framework: >= netstandard13
      Microsoft.NETCore.Targets (>= 1.1) - framework: >= netstandard13
      System.Globalization (>= 4.3) - framework: >= netstandard13
      System.Runtime (>= 4.3) - framework: >= netstandard13
    System.Globalization.Extensions (4.3) - framework: >= net45, >= netstandard13, netstandard16
      Microsoft.NETCore.Platforms (>= 1.1) - framework: >= netstandard13
      System.Globalization (>= 4.3) - framework: >= netstandard13
      System.Resources.ResourceManager (>= 4.3) - framework: >= netstandard13
      System.Runtime (>= 4.3) - framework: >= netstandard13
      System.Runtime.Extensions (>= 4.3) - framework: >= netstandard13
      System.Runtime.InteropServices (>= 4.3) - framework: >= netstandard13
    System.IO (4.3) - framework: >= net35, >= netstandard10, netstandard11, netstandard12, netstandard13, netstandard14, netstandard15, netstandard16
      Microsoft.NETCore.Platforms (>= 1.1) - framework: dnxcore50, netstandard10, netstandard13, >= netstandard15
      Microsoft.NETCore.Targets (>= 1.1) - framework: dnxcore50, netstandard10, netstandard13, >= netstandard15
      System.Runtime (>= 4.3) - framework: dnxcore50, netstandard10, netstandard13, >= netstandard15
      System.Text.Encoding (>= 4.3) - framework: dnxcore50, netstandard10, netstandard13, >= netstandard15
      System.Threading.Tasks (>= 4.3) - framework: dnxcore50, netstandard10, netstandard13, >= netstandard15
    System.IO.Compression (4.3) - framework: net46, netstandard11, netstandard12, netstandard13, netstandard14, netstandard15, netstandard16
      Microsoft.NETCore.Platforms (>= 1.1) - framework: >= netstandard13
      runtime.native.System (>= 4.3) - framework: >= netstandard13
      runtime.native.System.IO.Compression (>= 4.3) - framework: dnxcore50, >= netstandard13
      System.Buffers (>= 4.3) - framework: dnxcore50, >= netstandard13
      System.Collections (>= 4.3) - framework: dnxcore50, >= netstandard13
      System.Diagnostics.Debug (>= 4.3) - framework: dnxcore50, >= netstandard13
      System.IO (>= 4.3) - framework: dnxcore50, netstandard11, >= netstandard13
      System.Resources.ResourceManager (>= 4.3) - framework: dnxcore50, >= netstandard13
      System.Runtime (>= 4.3) - framework: dnxcore50, netstandard11, >= netstandard13
      System.Runtime.Extensions (>= 4.3) - framework: dnxcore50, >= netstandard13
      System.Runtime.Handles (>= 4.3) - framework: dnxcore50, >= netstandard13
      System.Runtime.InteropServices (>= 4.3) - framework: dnxcore50, >= netstandard13
      System.Text.Encoding (>= 4.3) - framework: dnxcore50, netstandard11, >= netstandard13
      System.Threading (>= 4.3) - framework: dnxcore50, >= netstandard13
      System.Threading.Tasks (>= 4.3) - framework: dnxcore50, >= netstandard13
    System.IO.Compression.ZipFile (4.3) - framework: net46, netstandard13, netstandard14, netstandard15, netstandard16
      System.Buffers (>= 4.3) - framework: >= netstandard13
      System.IO (>= 4.3) - framework: >= netstandard13
      System.IO.Compression (>= 4.3) - framework: >= netstandard13
      System.IO.FileSystem (>= 4.3) - framework: >= netstandard13
      System.IO.FileSystem.Primitives (>= 4.3) - framework: >= netstandard13
      System.Resources.ResourceManager (>= 4.3) - framework: >= netstandard13
      System.Runtime (>= 4.3) - framework: >= netstandard13
      System.Runtime.Extensions (>= 4.3) - framework: >= netstandard13
      System.Text.Encoding (>= 4.3) - framework: >= netstandard13
    System.IO.FileSystem (4.3) - framework: >= net35, >= netstandard13, netstandard14, netstandard15, netstandard16
      Microsoft.NETCore.Platforms (>= 1.1) - framework: >= netstandard13
      Microsoft.NETCore.Targets (>= 1.1) - framework: >= netstandard13
      System.IO (>= 4.3) - framework: >= netstandard13
      System.IO.FileSystem.Primitives (>= 4.3) - framework: >= net46, >= netstandard13
      System.Runtime (>= 4.3) - framework: >= netstandard13
      System.Runtime.Handles (>= 4.3) - framework: >= netstandard13
      System.Text.Encoding (>= 4.3) - framework: >= netstandard13
      System.Threading.Tasks (>= 4.3) - framework: >= netstandard13
    System.IO.FileSystem.Primitives (4.3) - framework: >= net35, >= netstandard13, netstandard14, netstandard15, netstandard16
      System.Runtime (>= 4.3) - framework: >= netstandard13
    System.Linq (4.3) - framework: >= net35, >= netstandard10, netstandard11, netstandard12, netstandard13, netstandard14, netstandard15, netstandard16
      System.Collections (>= 4.3) - framework: dnxcore50, netstandard10, >= netstandard16
      System.Diagnostics.Debug (>= 4.3) - framework: dnxcore50, >= netstandard16
      System.Resources.ResourceManager (>= 4.3) - framework: dnxcore50, >= netstandard16
      System.Runtime (>= 4.3) - framework: dnxcore50, netstandard10, >= netstandard16
      System.Runtime.Extensions (>= 4.3) - framework: dnxcore50, >= netstandard16
    System.Linq.Expressions (4.3) - framework: >= net35, >= netstandard10, netstandard11, netstandard12, netstandard13, netstandard14, netstandard15, netstandard16
      System.Collections (>= 4.3) - framework: dnxcore50, >= netstandard16
      System.Diagnostics.Debug (>= 4.3) - framework: dnxcore50, >= netstandard16
      System.Globalization (>= 4.3) - framework: dnxcore50, >= netstandard16
      System.IO (>= 4.3) - framework: dnxcore50, >= netstandard16
      System.Linq (>= 4.3) - framework: dnxcore50, >= netstandard16
      System.ObjectModel (>= 4.3) - framework: >= netstandard16
      System.Reflection (>= 4.3) - framework: dnxcore50, netstandard10, netstandard13, >= netstandard16
      System.Reflection.Emit (>= 4.3) - framework: >= netstandard16
      System.Reflection.Emit.ILGeneration (>= 4.3) - framework: dnxcore50, >= netstandard16
      System.Reflection.Emit.Lightweight (>= 4.3) - framework: dnxcore50, >= netstandard16
      System.Reflection.Extensions (>= 4.3) - framework: dnxcore50, >= netstandard16
      System.Reflection.Primitives (>= 4.3) - framework: dnxcore50, >= netstandard16
      System.Reflection.TypeExtensions (>= 4.3) - framework: dnxcore50, >= netstandard16
      System.Resources.ResourceManager (>= 4.3) - framework: dnxcore50, >= netstandard16
      System.Runtime (>= 4.3) - framework: dnxcore50, netstandard10, netstandard13, >= netstandard16
      System.Runtime.Extensions (>= 4.3) - framework: dnxcore50, >= netstandard16
      System.Threading (>= 4.3) - framework: dnxcore50, >= netstandard16
    System.Linq.Queryable (4.3) - framework: >= net46, >= netstandard13
      System.Collections (>= 4.3) - framework: dnxcore50, >= netstandard13
      System.Diagnostics.Debug (>= 4.3) - framework: dnxcore50, >= netstandard13
      System.Linq (>= 4.3) - framework: dnxcore50, netstandard10, >= netstandard13
      System.Linq.Expressions (>= 4.3) - framework: dnxcore50, netstandard10, >= netstandard13
      System.Reflection (>= 4.3) - framework: dnxcore50, >= netstandard13
      System.Reflection.Extensions (>= 4.3) - framework: dnxcore50, >= netstandard13
      System.Resources.ResourceManager (>= 4.3) - framework: dnxcore50, >= netstandard13
      System.Runtime (>= 4.3) - framework: dnxcore50, netstandard10, >= netstandard13
    System.Net.Http (4.3.3) - framework: net46, netstandard11, netstandard12, netstandard13, netstandard14, netstandard15, netstandard16
      Microsoft.NETCore.Platforms (>= 1.1) - framework: dnxcore50, netstandard13, >= netstandard16
      Microsoft.Win32.Primitives (>= 4.3) - framework: netstandard13
      runtime.native.System (>= 4.3) - framework: >= netstandard16
      runtime.native.System.Net.Http (>= 4.3) - framework: >= netstandard16
      runtime.native.System.Security.Cryptography.OpenSsl (>= 4.3.2) - framework: >= netstandard16
      System.Collections (>= 4.3) - framework: dnxcore50, netstandard13, >= netstandard16
      System.Diagnostics.Debug (>= 4.3) - framework: dnxcore50, netstandard13, >= netstandard16
      System.Diagnostics.DiagnosticSource (>= 4.3) - framework: dnxcore50, netstandard13, >= netstandard16
      System.Diagnostics.Tracing (>= 4.3) - framework: dnxcore50, netstandard13, >= netstandard16
      System.Globalization (>= 4.3) - framework: dnxcore50, netstandard13, >= netstandard16
      System.Globalization.Extensions (>= 4.3) - framework: >= netstandard16
      System.IO (>= 4.3) - framework: dnxcore50, netstandard11, netstandard13, >= netstandard16
      System.IO.Compression (>= 4.3) - framework: netstandard13
      System.IO.FileSystem (>= 4.3) - framework: >= netstandard16
      System.Net.Primitives (>= 4.3) - framework: dnxcore50, netstandard11, netstandard13, >= netstandard16
      System.Resources.ResourceManager (>= 4.3) - framework: dnxcore50, netstandard13, >= netstandard16
      System.Runtime (>= 4.3) - framework: dnxcore50, netstandard11, netstandard13, >= netstandard16
      System.Runtime.Extensions (>= 4.3) - framework: dnxcore50, netstandard13, >= netstandard16
      System.Runtime.Handles (>= 4.3) - framework: netstandard13, >= netstandard16
      System.Runtime.InteropServices (>= 4.3) - framework: dnxcore50, netstandard13, >= netstandard16
      System.Security.Cryptography.Algorithms (>= 4.3) - framework: >= netstandard16
      System.Security.Cryptography.Encoding (>= 4.3) - framework: netstandard13, >= netstandard16
      System.Security.Cryptography.OpenSsl (>= 4.3) - framework: >= netstandard16
      System.Security.Cryptography.Primitives (>= 4.3) - framework: >= netstandard16
      System.Security.Cryptography.X509Certificates (>= 4.3) - framework: >= net46, dnxcore50, netstandard13, >= netstandard16
      System.Text.Encoding (>= 4.3) - framework: dnxcore50, netstandard11, netstandard13, >= netstandard16
      System.Threading (>= 4.3) - framework: dnxcore50, netstandard13, >= netstandard16
      System.Threading.Tasks (>= 4.3) - framework: dnxcore50, netstandard11, netstandard13, >= netstandard16
    System.Net.NameResolution (4.3) - framework: netstandard13
      Microsoft.NETCore.Platforms (>= 1.1) - framework: dnxcore50, >= netstandard13
      runtime.native.System (>= 4.3) - framework: >= netstandard13
      System.Collections (>= 4.3) - framework: dnxcore50, >= netstandard13
      System.Diagnostics.Tracing (>= 4.3) - framework: dnxcore50, >= netstandard13
      System.Globalization (>= 4.3) - framework: dnxcore50, >= netstandard13
      System.Net.Primitives (>= 4.3) - framework: dnxcore50, >= netstandard13
      System.Resources.ResourceManager (>= 4.3) - framework: dnxcore50, >= netstandard13
      System.Runtime (>= 4.3) - framework: dnxcore50, >= netstandard13
      System.Runtime.Extensions (>= 4.3) - framework: dnxcore50, >= netstandard13
      System.Runtime.Handles (>= 4.3) - framework: dnxcore50, >= netstandard13
      System.Runtime.InteropServices (>= 4.3) - framework: dnxcore50, >= netstandard13
      System.Security.Principal.Windows (>= 4.3) - framework: >= netstandard13
      System.Threading (>= 4.3) - framework: dnxcore50, >= netstandard13
      System.Threading.Tasks (>= 4.3) - framework: dnxcore50, >= netstandard13
    System.Net.NetworkInformation (4.3) - framework: netstandard13
      Microsoft.NETCore.Platforms (>= 1.1) - framework: dnxcore50, >= netstandard13
      Microsoft.Win32.Primitives (>= 4.3) - framework: dnxcore50, >= netstandard13
      runtime.native.System (>= 4.3) - framework: >= netstandard13
      System.Collections (>= 4.3) - framework: dnxcore50, >= netstandard13
      System.Diagnostics.Tracing (>= 4.3) - framework: dnxcore50, >= netstandard13
      System.Globalization (>= 4.3) - framework: dnxcore50, >= netstandard13
      System.IO (>= 4.3) - framework: >= netstandard13
      System.IO.FileSystem (>= 4.3) - framework: >= netstandard13
      System.IO.FileSystem.Primitives (>= 4.3) - framework: >= netstandard13
      System.Linq (>= 4.3) - framework: >= netstandard13
      System.Net.Primitives (>= 4.3) - framework: dnxcore50, >= netstandard13
      System.Net.Sockets (>= 4.3) - framework: >= netstandard13
      System.Resources.ResourceManager (>= 4.3) - framework: dnxcore50, >= netstandard13
      System.Runtime (>= 4.3) - framework: dnxcore50, netstandard10, >= netstandard13
      System.Runtime.Extensions (>= 4.3) - framework: dnxcore50, >= netstandard13
      System.Runtime.Handles (>= 4.3) - framework: >= netstandard13
      System.Runtime.InteropServices (>= 4.3) - framework: dnxcore50, >= netstandard13
      System.Security.Principal.Windows (>= 4.3) - framework: >= netstandard13
      System.Threading (>= 4.3) - framework: dnxcore50, >= netstandard13
      System.Threading.Overlapped (>= 4.3) - framework: >= netstandard13
      System.Threading.Tasks (>= 4.3) - framework: dnxcore50, >= netstandard13
      System.Threading.Thread (>= 4.3) - framework: >= netstandard13
      System.Threading.ThreadPool (>= 4.3) - framework: >= netstandard13
    System.Net.Primitives (4.3) - framework: >= net35, netstandard10, netstandard11, netstandard12, netstandard13, netstandard14, netstandard15, netstandard16
      Microsoft.NETCore.Platforms (>= 1.1) - framework: dnxcore50, netstandard10, netstandard11, >= netstandard13
      Microsoft.NETCore.Targets (>= 1.1) - framework: dnxcore50, netstandard10, netstandard11, >= netstandard13
      System.Runtime (>= 4.3) - framework: dnxcore50, netstandard10, netstandard11, >= netstandard13
      System.Runtime.Handles (>= 4.3) - framework: dnxcore50, >= netstandard13
    System.Net.Security (4.3.2) - framework: netstandard13
      Microsoft.NETCore.Platforms (>= 1.1) - framework: netstandard13, >= netstandard16
      Microsoft.Win32.Primitives (>= 4.3) - framework: netstandard13, >= netstandard16
      System.Collections (>= 4.3) - framework: netstandard13, >= netstandard16
      System.Collections.Concurrent (>= 4.3) - framework: netstandard13, >= netstandard16
      System.Diagnostics.Tracing (>= 4.3) - framework: netstandard13, >= netstandard16
      System.Globalization (>= 4.3) - framework: netstandard13, >= netstandard16
      System.IO (>= 4.3) - framework: netstandard13, >= netstandard16
      System.Net.Primitives (>= 4.3) - framework: netstandard13, >= netstandard16
      System.Resources.ResourceManager (>= 4.3) - framework: netstandard13, >= netstandard16
      System.Runtime (>= 4.3) - framework: netstandard13, >= netstandard16
      System.Runtime.Extensions (>= 4.3) - framework: netstandard13, >= netstandard16
      System.Runtime.Handles (>= 4.3) - framework: netstandard13, >= netstandard16
      System.Runtime.InteropServices (>= 4.3) - framework: netstandard13, >= netstandard16
      System.Security.Claims (>= 4.3) - framework: netstandard13, >= netstandard16
      System.Security.Cryptography.Encoding (>= 4.3) - framework: netstandard13, >= netstandard16
      System.Security.Cryptography.Primitives (>= 4.3) - framework: netstandard13, >= netstandard16
      System.Security.Cryptography.X509Certificates (>= 4.3) - framework: >= net46, netstandard13, >= netstandard16
      System.Security.Principal (>= 4.3) - framework: netstandard13, >= netstandard16
      System.Security.Principal.Windows (>= 4.3) - framework: netstandard13
      System.Threading (>= 4.3) - framework: netstandard13, >= netstandard16
      System.Threading.Tasks (>= 4.3) - framework: netstandard13, >= netstandard16
      System.Threading.ThreadPool (>= 4.3) - framework: netstandard13, >= netstandard16
    System.Net.Sockets (4.3) - framework: net46, netstandard13, netstandard14, netstandard15, netstandard16
      Microsoft.NETCore.Platforms (>= 1.1) - framework: >= netstandard13
      Microsoft.NETCore.Targets (>= 1.1) - framework: >= netstandard13
      System.IO (>= 4.3) - framework: >= netstandard13
      System.Net.Primitives (>= 4.3) - framework: >= netstandard13
      System.Runtime (>= 4.3) - framework: >= netstandard13
      System.Threading.Tasks (>= 4.3) - framework: >= netstandard13
    System.ObjectModel (4.3) - framework: >= net35, >= netstandard10, netstandard11, netstandard12, netstandard13, netstandard14, netstandard15, netstandard16
      System.Collections (>= 4.3) - framework: dnxcore50, >= netstandard13
      System.Diagnostics.Debug (>= 4.3) - framework: dnxcore50, >= netstandard13
      System.Resources.ResourceManager (>= 4.3) - framework: dnxcore50, >= netstandard13
      System.Runtime (>= 4.3) - framework: dnxcore50, netstandard10, >= netstandard13
      System.Threading (>= 4.3) - framework: dnxcore50, >= netstandard13
    System.Reactive (3.1.1) - framework: >= net46
      System.Reactive.PlatformServices (>= 3.1.1)
      System.Reactive.Windows.Threading (>= 3.1.1) - framework: >= net45, winv4.5.1, wpav8.1
    System.Reactive.Core (3.1.1) - framework: >= net46
      System.Reactive.Interfaces (>= 3.1.1) - framework: >= net45, >= netstandard10, netcore10
    System.Reactive.Interfaces (3.1.1) - framework: >= net46
    System.Reactive.Linq (3.1.1) - framework: >= net46
      System.Reactive.Core (>= 3.1.1) - framework: >= net45, >= netstandard10
    System.Reactive.PlatformServices (3.1.1) - framework: >= net46
      System.Reactive.Linq (>= 3.1.1)
    System.Reactive.Windows.Threading (3.1.1) - framework: >= net46
      System.Reactive.Core (>= 3.1.1)
    System.Reflection (4.3) - framework: >= net35, >= netstandard10, netstandard11, netstandard12, netstandard13, netstandard14, netstandard15, netstandard16
      Microsoft.NETCore.Platforms (>= 1.1) - framework: dnxcore50, netstandard10, netstandard13, >= netstandard15
      Microsoft.NETCore.Targets (>= 1.1) - framework: dnxcore50, netstandard10, netstandard13, >= netstandard15
      System.IO (>= 4.3) - framework: dnxcore50, netstandard10, netstandard13, >= netstandard15
      System.Reflection.Primitives (>= 4.3) - framework: dnxcore50, netstandard10, netstandard13, >= netstandard15
      System.Runtime (>= 4.3) - framework: dnxcore50, netstandard10, netstandard13, >= netstandard15
    System.Reflection.Emit (4.3) - framework: >= net35, >= netstandard13
      System.IO (>= 4.3) - framework: >= netstandard11
      System.Reflection (>= 4.3) - framework: >= netstandard11
      System.Reflection.Emit.ILGeneration (>= 4.3) - framework: >= netstandard11
      System.Reflection.Primitives (>= 4.3) - framework: >= netstandard11
      System.Runtime (>= 4.3) - framework: >= netstandard11
    System.Reflection.Emit.ILGeneration (4.3) - framework: >= net35, >= netstandard13
      System.Reflection (>= 4.3) - framework: >= netstandard10
      System.Reflection.Primitives (>= 4.3) - framework: >= netstandard10
      System.Runtime (>= 4.3) - framework: >= netstandard10
    System.Reflection.Emit.Lightweight (4.3) - framework: >= net35, netstandard13, >= netstandard16
      System.Reflection (>= 4.3) - framework: >= netstandard10
      System.Reflection.Emit.ILGeneration (>= 4.3) - framework: >= netstandard10
      System.Reflection.Primitives (>= 4.3) - framework: >= netstandard10
      System.Runtime (>= 4.3) - framework: >= netstandard10
    System.Reflection.Extensions (4.3) - framework: >= net35, >= netstandard10, netstandard11, netstandard12, netstandard13, netstandard14, netstandard15, netstandard16
      Microsoft.NETCore.Platforms (>= 1.1) - framework: dnxcore50, >= netstandard10
      Microsoft.NETCore.Targets (>= 1.1) - framework: dnxcore50, >= netstandard10
      System.Reflection (>= 4.3) - framework: dnxcore50, >= netstandard10
      System.Runtime (>= 4.3) - framework: dnxcore50, >= netstandard10
    System.Reflection.Metadata (1.5) - framework: >= net46, >= netstandard13
      NETStandard.Library (>= 1.6.1) - framework: net45, >= netstandard11
      System.Collections.Immutable (>= 1.4) - framework: net45, >= net461, >= netstandard11, monoandroid, monotouch, portable-net45+win8, portable45-net45+win8+wpa81, xamarinios, xamarinmac
    System.Reflection.Primitives (4.3) - framework: >= net35, >= netstandard10, netstandard11, netstandard12, netstandard13, netstandard14, netstandard15, netstandard16
      Microsoft.NETCore.Platforms (>= 1.1) - framework: dnxcore50, >= netstandard10
      Microsoft.NETCore.Targets (>= 1.1) - framework: dnxcore50, >= netstandard10
      System.Runtime (>= 4.3) - framework: dnxcore50, >= netstandard10
    System.Reflection.TypeExtensions (4.4) - framework: >= net35, >= netstandard13
      System.Reflection (>= 4.3) - framework: dnxcore50, netstandard13, netstandard15
      System.Resources.ResourceManager (>= 4.3) - framework: dnxcore50, netstandard13, netstandard15
      System.Runtime (>= 4.3) - framework: dnxcore50, netstandard13, netstandard15
    System.Resources.ResourceManager (4.3) - framework: >= net35, >= netstandard10, netstandard11, netstandard12, netstandard13, netstandard14, netstandard15, netstandard16
      Microsoft.NETCore.Platforms (>= 1.1) - framework: dnxcore50, >= netstandard10
      Microsoft.NETCore.Targets (>= 1.1) - framework: dnxcore50, >= netstandard10
      System.Globalization (>= 4.3) - framework: dnxcore50, >= netstandard10
      System.Reflection (>= 4.3) - framework: dnxcore50, >= netstandard10
      System.Runtime (>= 4.3) - framework: dnxcore50, >= netstandard10
    System.Runtime (4.3) - framework: >= net35, >= netstandard10, netstandard11, netstandard12, netstandard13, netstandard14, netstandard15, netstandard16
      Microsoft.NETCore.Platforms (>= 1.1) - framework: dnxcore50, netstandard10, netstandard12, netstandard13, >= netstandard15
      Microsoft.NETCore.Targets (>= 1.1) - framework: dnxcore50, netstandard10, netstandard12, netstandard13, >= netstandard15
    System.Runtime.Extensions (4.3) - framework: >= net35, >= netstandard10, netstandard11, netstandard12, netstandard13, netstandard14, netstandard15, netstandard16
      Microsoft.NETCore.Platforms (>= 1.1) - framework: dnxcore50, netstandard10, netstandard13, >= netstandard15
      Microsoft.NETCore.Targets (>= 1.1) - framework: dnxcore50, netstandard10, netstandard13, >= netstandard15
      System.Runtime (>= 4.3) - framework: dnxcore50, netstandard10, netstandard13, >= netstandard15
    System.Runtime.Handles (4.3) - framework: >= net35, >= netstandard13, netstandard14, netstandard15, netstandard16
      Microsoft.NETCore.Platforms (>= 1.1) - framework: >= netstandard13
      Microsoft.NETCore.Targets (>= 1.1) - framework: >= netstandard13
      System.Runtime (>= 4.3) - framework: >= netstandard13
    System.Runtime.InteropServices (4.3) - framework: >= net35, >= netstandard11, netstandard12, netstandard13, netstandard14, netstandard15, netstandard16
      Microsoft.NETCore.Platforms (>= 1.1) - framework: dnxcore50, netstandard11, netstandard12, netstandard13, >= netstandard15, netcore11
      Microsoft.NETCore.Targets (>= 1.1) - framework: dnxcore50, netstandard11, netstandard12, netstandard13, >= netstandard15, netcore11
      System.Reflection (>= 4.3) - framework: dnxcore50, netstandard11, netstandard12, netstandard13, >= netstandard15, netcore11
      System.Reflection.Primitives (>= 4.3) - framework: dnxcore50, netstandard11, netstandard12, netstandard13, >= netstandard15, netcore11
      System.Runtime (>= 4.3) - framework: net462, >= net463, dnxcore50, netstandard11, netstandard12, netstandard13, >= netstandard15, netcore11
      System.Runtime.Handles (>= 4.3) - framework: dnxcore50, netstandard13, >= netstandard15, netcore11
    System.Runtime.InteropServices.RuntimeInformation (4.3) - framework: net45, net451, net46, netstandard11, netstandard12, netstandard13, netstandard14, netstandard15, netstandard16
      runtime.native.System (>= 4.3) - framework: >= netstandard11
      System.Reflection (>= 4.3) - framework: dnxcore50, >= netstandard11
      System.Reflection.Extensions (>= 4.3) - framework: dnxcore50, >= netstandard11
      System.Resources.ResourceManager (>= 4.3) - framework: dnxcore50, >= netstandard11
      System.Runtime (>= 4.3) - framework: dnxcore50, >= netstandard11
      System.Runtime.InteropServices (>= 4.3) - framework: >= netstandard11
      System.Threading (>= 4.3) - framework: dnxcore50, >= netstandard11
    System.Runtime.Loader (4.3) - framework: >= netstandard15
      System.IO (>= 4.3) - framework: >= netstandard15
      System.Reflection (>= 4.3) - framework: >= netstandard15
      System.Runtime (>= 4.3) - framework: >= netstandard15
    System.Runtime.Numerics (4.3) - framework: >= net35, netstandard11, netstandard12, netstandard13, netstandard14, netstandard15, netstandard16
      System.Globalization (>= 4.3) - framework: dnxcore50, >= netstandard13
      System.Resources.ResourceManager (>= 4.3) - framework: dnxcore50, >= netstandard13
      System.Runtime (>= 4.3) - framework: dnxcore50, netstandard11, >= netstandard13
      System.Runtime.Extensions (>= 4.3) - framework: dnxcore50, >= netstandard13
    System.Runtime.Serialization.Primitives (4.3) - framework: >= net46, >= netstandard10
      System.Resources.ResourceManager (>= 4.3) - framework: dnxcore50, >= netstandard13
      System.Runtime (>= 4.3) - framework: dnxcore50, netstandard10, >= netstandard13
    System.Security.Claims (4.3) - framework: netstandard13
      System.Collections (>= 4.3) - framework: >= netstandard13
      System.Globalization (>= 4.3) - framework: >= netstandard13
      System.IO (>= 4.3) - framework: >= netstandard13
      System.Resources.ResourceManager (>= 4.3) - framework: >= netstandard13
      System.Runtime (>= 4.3) - framework: >= netstandard13
      System.Runtime.Extensions (>= 4.3) - framework: >= netstandard13
      System.Security.Principal (>= 4.3) - framework: >= netstandard13
    System.Security.Cryptography.Algorithms (4.3.1) - framework: net46, >= net46, >= netstandard13, netstandard14, netstandard15, netstandard16
      System.IO (>= 4.3) - framework: >= net463, dnxcore50, netstandard13, netstandard14, >= netstandard16
      System.Runtime (>= 4.3) - framework: >= net463, dnxcore50, netstandard13, netstandard14, >= netstandard16
      System.Security.Cryptography.Primitives (>= 4.3) - framework: net46, net461, >= net463, dnxcore50, netstandard13, netstandard14, >= netstandard16
    System.Security.Cryptography.Encoding (4.3) - framework: net46, netstandard13, netstandard14, netstandard15, netstandard16
      Microsoft.NETCore.Platforms (>= 1.1) - framework: >= netstandard13
      runtime.native.System.Security.Cryptography.OpenSsl (>= 4.3) - framework: >= netstandard13
      System.Collections (>= 4.3) - framework: >= netstandard13
      System.Collections.Concurrent (>= 4.3) - framework: >= netstandard13
      System.Linq (>= 4.3) - framework: >= netstandard13
      System.Resources.ResourceManager (>= 4.3) - framework: >= netstandard13
      System.Runtime (>= 4.3) - framework: >= netstandard13
      System.Runtime.Extensions (>= 4.3) - framework: >= netstandard13
      System.Runtime.Handles (>= 4.3) - framework: >= netstandard13
      System.Runtime.InteropServices (>= 4.3) - framework: >= netstandard13
      System.Security.Cryptography.Primitives (>= 4.3) - framework: >= netstandard13
      System.Text.Encoding (>= 4.3) - framework: >= netstandard13
    System.Security.Cryptography.OpenSsl (4.4) - framework: net46, netstandard16
      System.Collections (>= 4.3) - framework: netstandard16
      System.IO (>= 4.3) - framework: netstandard16
      System.Resources.ResourceManager (>= 4.3) - framework: netstandard16
      System.Runtime (>= 4.3) - framework: netstandard16
      System.Runtime.Extensions (>= 4.3) - framework: netstandard16
      System.Runtime.Handles (>= 4.3) - framework: netstandard16
      System.Runtime.InteropServices (>= 4.3) - framework: netstandard16
      System.Runtime.Numerics (>= 4.3) - framework: netstandard16
      System.Security.Cryptography.Algorithms (>= 4.3) - framework: netstandard16
      System.Security.Cryptography.Encoding (>= 4.3) - framework: netstandard16
      System.Security.Cryptography.Primitives (>= 4.3) - framework: netstandard16
      System.Text.Encoding (>= 4.3) - framework: netstandard16
    System.Security.Cryptography.Primitives (4.3) - framework: net46, net461, >= net463, >= netstandard13, netstandard14, netstandard15, netstandard16
      System.Diagnostics.Debug (>= 4.3) - framework: >= netstandard13
      System.Globalization (>= 4.3) - framework: >= netstandard13
      System.IO (>= 4.3) - framework: >= netstandard13
      System.Resources.ResourceManager (>= 4.3) - framework: >= netstandard13
      System.Runtime (>= 4.3) - framework: >= netstandard13
      System.Threading (>= 4.3) - framework: >= netstandard13
      System.Threading.Tasks (>= 4.3) - framework: >= netstandard13
    System.Security.Cryptography.X509Certificates (4.3.2) - framework: net46, netstandard13, netstandard14, netstandard15, netstandard16
      System.Runtime (>= 4.3) - framework: dnxcore50, netstandard13, netstandard14, >= netstandard16
      System.Runtime.Handles (>= 4.3) - framework: dnxcore50, netstandard13, netstandard14, >= netstandard16
      System.Security.Cryptography.Algorithms (>= 4.3) - framework: net46, >= net461, dnxcore50, netstandard13, netstandard14, >= netstandard16
      System.Security.Cryptography.Encoding (>= 4.3) - framework: net46, >= net461, dnxcore50, netstandard13, netstandard14, >= netstandard16
    System.Security.Principal (4.3) - framework: netstandard13
      System.Runtime (>= 4.3) - framework: dnxcore50, >= netstandard10
    System.Security.Principal.Windows (4.4) - framework: netstandard13
      Microsoft.Win32.Primitives (>= 4.3) - framework: netstandard13
      System.Collections (>= 4.3) - framework: netstandard13
      System.Diagnostics.Debug (>= 4.3) - framework: netstandard13
      System.Reflection (>= 4.3) - framework: netstandard13
      System.Resources.ResourceManager (>= 4.3) - framework: netstandard13
      System.Runtime (>= 4.3) - framework: netstandard13
      System.Runtime.Extensions (>= 4.3) - framework: netstandard13
      System.Runtime.Handles (>= 4.3) - framework: netstandard13
      System.Runtime.InteropServices (>= 4.3) - framework: netstandard13
      System.Security.Claims (>= 4.3) - framework: net46, netstandard13
      System.Security.Principal (>= 4.3) - framework: netstandard13
      System.Text.Encoding (>= 4.3) - framework: netstandard13
      System.Threading (>= 4.3) - framework: netstandard13
    System.Text.Encoding (4.3) - framework: >= net35, >= netstandard10, netstandard11, netstandard12, netstandard13, netstandard14, netstandard15, netstandard16
      Microsoft.NETCore.Platforms (>= 1.1) - framework: dnxcore50, netstandard10, >= netstandard13
      Microsoft.NETCore.Targets (>= 1.1) - framework: dnxcore50, netstandard10, >= netstandard13
      System.Runtime (>= 4.3) - framework: dnxcore50, netstandard10, >= netstandard13
    System.Text.Encoding.Extensions (4.3) - framework: >= net35, >= netstandard10, netstandard11, netstandard12, netstandard13, netstandard14, netstandard15, netstandard16
      Microsoft.NETCore.Platforms (>= 1.1) - framework: dnxcore50, netstandard10, >= netstandard13
      Microsoft.NETCore.Targets (>= 1.1) - framework: dnxcore50, netstandard10, >= netstandard13
      System.Runtime (>= 4.3) - framework: dnxcore50, netstandard10, >= netstandard13
      System.Text.Encoding (>= 4.3) - framework: dnxcore50, netstandard10, >= netstandard13
    System.Text.RegularExpressions (4.3) - framework: >= net35, >= netstandard10, netstandard11, netstandard12, netstandard13, netstandard14, netstandard15, netstandard16
      System.Collections (>= 4.3) - framework: dnxcore50, >= netstandard16
      System.Globalization (>= 4.3) - framework: dnxcore50, >= netstandard16
      System.Resources.ResourceManager (>= 4.3) - framework: dnxcore50, >= netstandard16
      System.Runtime (>= 4.3) - framework: dnxcore50, netstandard10, netstandard13, >= netstandard16, netcore11
      System.Runtime.Extensions (>= 4.3) - framework: dnxcore50, >= netstandard16
      System.Threading (>= 4.3) - framework: dnxcore50, >= netstandard16
    System.Threading (4.3) - framework: >= net35, >= netstandard10, netstandard11, netstandard12, netstandard13, netstandard14, netstandard15, netstandard16
      System.Runtime (>= 4.3) - framework: dnxcore50, netstandard10, >= netstandard13
      System.Threading.Tasks (>= 4.3) - framework: dnxcore50, netstandard10, >= netstandard13
    System.Threading.Overlapped (4.3) - framework: netstandard13
      Microsoft.NETCore.Platforms (>= 1.1) - framework: dnxcore50, >= netstandard13
      System.Resources.ResourceManager (>= 4.3) - framework: dnxcore50, >= netstandard13
      System.Runtime (>= 4.3) - framework: dnxcore50, >= netstandard13
      System.Runtime.Handles (>= 4.3) - framework: dnxcore50, >= netstandard13
    System.Threading.Tasks (4.3) - framework: >= net35, >= netstandard10, netstandard11, netstandard12, netstandard13, netstandard14, netstandard15, netstandard16
      Microsoft.NETCore.Platforms (>= 1.1) - framework: dnxcore50, netstandard10, >= netstandard13
      Microsoft.NETCore.Targets (>= 1.1) - framework: dnxcore50, netstandard10, >= netstandard13
      System.Runtime (>= 4.3) - framework: dnxcore50, netstandard10, >= netstandard13
    System.Threading.Tasks.Dataflow (4.8) - framework: >= net46, >= netstandard13
      NETStandard.Library (>= 1.6.1) - framework: net45, >= netstandard10
      System.Dynamic.Runtime (>= 4.3) - framework: net45, >= netstandard10
      System.Runtime.Serialization.Primitives (>= 4.3) - framework: >= netstandard10
    System.Threading.Tasks.Extensions (4.4) - framework: >= net35, >= netstandard13, netstandard14, netstandard15, netstandard16
      System.Collections (>= 4.3) - framework: >= netstandard10
      System.Runtime (>= 4.3) - framework: >= netstandard10
      System.Threading.Tasks (>= 4.3) - framework: >= netstandard10
    System.Threading.Thread (4.3) - framework: >= net46, >= netstandard13
      System.Runtime (>= 4.3) - framework: >= netstandard13
    System.Threading.ThreadPool (4.3) - framework: netstandard13
      System.Runtime (>= 4.3) - framework: >= netstandard13
      System.Runtime.Handles (>= 4.3) - framework: >= netstandard13
    System.Threading.Timer (4.3) - framework: >= net35, >= netstandard12, netstandard13, netstandard14, netstandard15, netstandard16
      Microsoft.NETCore.Platforms (>= 1.1) - framework: dnxcore50, >= netstandard12
      Microsoft.NETCore.Targets (>= 1.1) - framework: dnxcore50, >= netstandard12
      System.Runtime (>= 4.3) - framework: dnxcore50, >= netstandard12
    System.Xml.ReaderWriter (4.3) - framework: >= net35, >= netstandard10, netstandard14, netstandard15, netstandard16
      System.Collections (>= 4.3) - framework: dnxcore50, >= netstandard13
      System.Diagnostics.Debug (>= 4.3) - framework: dnxcore50, >= netstandard13
      System.Globalization (>= 4.3) - framework: dnxcore50, >= netstandard13
      System.IO (>= 4.3) - framework: dnxcore50, netstandard10, >= netstandard13
      System.IO.FileSystem (>= 4.3) - framework: dnxcore50, >= netstandard13
      System.IO.FileSystem.Primitives (>= 4.3) - framework: dnxcore50, >= netstandard13
      System.Resources.ResourceManager (>= 4.3) - framework: dnxcore50, >= netstandard13
      System.Runtime (>= 4.3) - framework: dnxcore50, netstandard10, >= netstandard13
      System.Runtime.Extensions (>= 4.3) - framework: dnxcore50, >= netstandard13
      System.Runtime.InteropServices (>= 4.3) - framework: dnxcore50, >= netstandard13
      System.Text.Encoding (>= 4.3) - framework: dnxcore50, netstandard10, >= netstandard13
      System.Text.Encoding.Extensions (>= 4.3) - framework: dnxcore50, >= netstandard13
      System.Text.RegularExpressions (>= 4.3) - framework: dnxcore50, >= netstandard13
      System.Threading.Tasks (>= 4.3) - framework: dnxcore50, netstandard10, >= netstandard13
      System.Threading.Tasks.Extensions (>= 4.3) - framework: dnxcore50, >= netstandard13
    System.Xml.XDocument (4.3) - framework: >= net35, >= netstandard10, netstandard11, netstandard12, netstandard13, netstandard14, netstandard15, netstandard16
      System.Collections (>= 4.3) - framework: dnxcore50, >= netstandard13
      System.Diagnostics.Debug (>= 4.3) - framework: dnxcore50, >= netstandard13
      System.Diagnostics.Tools (>= 4.3) - framework: dnxcore50, >= netstandard13
      System.Globalization (>= 4.3) - framework: dnxcore50, >= netstandard13
      System.IO (>= 4.3) - framework: dnxcore50, netstandard10, >= netstandard13
      System.Reflection (>= 4.3) - framework: dnxcore50, >= netstandard13
      System.Resources.ResourceManager (>= 4.3) - framework: dnxcore50, >= netstandard13
      System.Runtime (>= 4.3) - framework: dnxcore50, netstandard10, >= netstandard13
      System.Runtime.Extensions (>= 4.3) - framework: dnxcore50, >= netstandard13
      System.Text.Encoding (>= 4.3) - framework: dnxcore50, >= netstandard13
      System.Threading (>= 4.3) - framework: dnxcore50, >= netstandard13
      System.Xml.ReaderWriter (>= 4.3) - framework: dnxcore50, netstandard10, >= netstandard13
    System.Xml.XmlDocument (4.3) - framework: >= net45, >= netstandard13
      System.Collections (>= 4.3) - framework: >= netstandard13
      System.Diagnostics.Debug (>= 4.3) - framework: >= netstandard13
      System.Globalization (>= 4.3) - framework: >= netstandard13
      System.IO (>= 4.3) - framework: >= netstandard13
      System.Resources.ResourceManager (>= 4.3) - framework: >= netstandard13
      System.Runtime (>= 4.3) - framework: >= netstandard13
      System.Runtime.Extensions (>= 4.3) - framework: >= netstandard13
      System.Text.Encoding (>= 4.3) - framework: >= netstandard13
      System.Threading (>= 4.3) - framework: >= netstandard13
      System.Xml.ReaderWriter (>= 4.3) - framework: >= netstandard13
    System.Xml.XmlSerializer (4.3) - framework: >= net46, >= netstandard13
      System.Collections (>= 4.3) - framework: dnxcore50, >= netstandard13
      System.Globalization (>= 4.3) - framework: dnxcore50, >= netstandard13
      System.IO (>= 4.3) - framework: dnxcore50, netstandard10, >= netstandard13
      System.Linq (>= 4.3) - framework: dnxcore50, >= netstandard13
      System.Reflection (>= 4.3) - framework: dnxcore50, >= netstandard13
      System.Reflection.Emit (>= 4.3) - framework: dnxcore50, >= netstandard13
      System.Reflection.Emit.ILGeneration (>= 4.3) - framework: dnxcore50, >= netstandard13
      System.Reflection.Extensions (>= 4.3) - framework: dnxcore50, >= netstandard13
      System.Reflection.Primitives (>= 4.3) - framework: dnxcore50, >= netstandard13
      System.Reflection.TypeExtensions (>= 4.3) - framework: dnxcore50, >= netstandard13
      System.Resources.ResourceManager (>= 4.3) - framework: dnxcore50, >= netstandard13
      System.Runtime (>= 4.3) - framework: dnxcore50, netstandard10, >= netstandard13
      System.Runtime.Extensions (>= 4.3) - framework: dnxcore50, >= netstandard13
      System.Text.RegularExpressions (>= 4.3) - framework: dnxcore50, >= netstandard13
      System.Threading (>= 4.3) - framework: dnxcore50, >= netstandard13
      System.Xml.ReaderWriter (>= 4.3) - framework: dnxcore50, netstandard10, >= netstandard13
      System.Xml.XmlDocument (>= 4.3) - framework: dnxcore50, >= netstandard13
    xunit (2.2)
      xunit.assert (2.2)
      xunit.core (2.2)
    xunit.abstractions (2.0.1) - framework: >= net35, >= netstandard11
      NETStandard.Library (>= 1.6) - framework: >= netstandard10
    xunit.assert (2.2)
      NETStandard.Library (>= 1.6) - framework: >= netstandard11
    xunit.core (2.2)
      xunit.extensibility.core (2.2)
      xunit.extensibility.execution (2.2)
    xunit.extensibility.core (2.2)
      NETStandard.Library (>= 1.6) - framework: >= netstandard11
      xunit.abstractions (>= 2.0.1) - framework: >= net452, >= netstandard11
    xunit.extensibility.execution (2.2)
      NETStandard.Library (>= 1.6) - framework: >= netstandard11
      xunit.extensibility.core (2.2) - framework: >= net452, >= netstandard11
    xunit.runner.console (2.2)
    xunit.runner.utility (2.2)
      NETStandard.Library (>= 1.6) - framework: netstandard11, >= netstandard15
      System.Reflection.TypeExtensions (>= 4.1) - framework: >= netstandard15
      xunit.abstractions (>= 2.0.1) - framework: >= net35, netstandard11, >= netstandard15
