FRAMEWORK: >= NET45
NUGET
  remote: https://www.nuget.org/api/v2
    Baseline (1.4) - framework: >= net46
      System.Reflection.Extensions (>= 4.3) - framework: net451, >= net46
    Bottles (2.2.0.610)
      FubuCore (>= 1.0.0.210)
    Castle.Core (4.1)
    FastExpressionCompiler (1.0.1) - framework: >= net46
    FubuCore (2.0.1.321)
    FubuMVC.Core (3.0.2)
      FubuCore (>= 2.0.1.321) - framework: >= net46
      HtmlTags (>= 2.1.0.183) - framework: >= net46
      Newtonsoft.Json (>= 9.0.1) - framework: >= net46
      structuremap (>= 4.4.3) - framework: >= net46
    FubuMVC.Razor (3.0.1.2355)
      FubuMVC.Core (>= 3.0)
      Microsoft.AspNet.Razor (>= 2.0.20715)
    HtmlTags (2.1.0.183)
    Marten (2.0.0-alpha-51614)
      Baseline (>= 1.3) - framework: >= net46
      FastExpressionCompiler (>= 1.0.0-preview-03) - framework: >= net46
      Newtonsoft.Json (>= 10.0.1) - framework: >= net46
      Npgsql (>= 3.2.2) - framework: >= net46
      Remotion.Linq (>= 2.1.1) - framework: >= net46
      System.Threading.Tasks.Dataflow (>= 4.6) - framework: >= net46
    Microsoft.AspNet.Razor (2.0.30506)
    Moq (4.7.25)
      Castle.Core (>= 4.0)
    Newtonsoft.Json (10.0.2)
    Npgsql (3.2.4)
      System.Threading.Tasks.Extensions (>= 4.3)
    Remotion.Linq (2.1.1) - framework: >= net46
    Shouldly (2.8.3)
    Storyteller (3.0.1)
    structuremap (4.4.5)
    System.Reflection.Extensions (4.3) - framework: >= net46
    System.Threading.Tasks.Dataflow (4.7) - framework: >= net46
    System.Threading.Tasks.Extensions (4.3)
    xunit (2.2)
      xunit.assert (2.2)
      xunit.core (2.2)
    xunit.abstractions (2.0.1)
    xunit.assert (2.2)
    xunit.core (2.2)
      xunit.extensibility.core (2.2)
      xunit.extensibility.execution (2.2)
    xunit.extensibility.core (2.2)
      xunit.abstractions (>= 2.0.1) - framework: >= net452
    xunit.extensibility.execution (2.2)
      xunit.extensibility.core (2.2) - framework: >= net452
    xunit.runner.console (2.2)
    xunit.runner.utility (2.2)
      xunit.abstractions (>= 2.0.1)
