RESTRICTION: >= net45
NUGET
  remote: https://www.nuget.org/api/v2
    Baseline (1.4) - restriction: && (>= net45) (>= netstandard1.3)
      System.Reflection.Extensions (>= 4.3) - restriction: || (&& (>= net45) (< net451) (>= netstandard1.3)) (&& (>= net451) (< netstandard1.3)) (>= net46)
    Bottles (2.2.0.610)
      FubuCore (>= 1.0.0.210)
    Castle.Core (4.1.1)
    FastExpressionCompiler (1.3) - restriction: && (>= net45) (>= netstandard1.3)
    FubuCore (2.0.1.321)
    FubuMVC.Core (3.0.2)
      FubuCore (>= 2.0.1.321) - restriction: >= net46
      HtmlTags (>= 2.1.0.183) - restriction: >= net46
      Newtonsoft.Json (>= 9.0.1) - restriction: >= net46
      structuremap (>= 4.4.3) - restriction: >= net46
    FubuMVC.Razor (3.0.1.2355)
      FubuMVC.Core (>= 3.0)
      Microsoft.AspNet.Razor (>= 2.0.20715)
    HtmlTags (2.1.0.183)
    Marten (2.1)
      Baseline (>= 1.3) - restriction: && (>= net45) (>= netstandard1.3)
      FastExpressionCompiler (>= 1.1.1) - restriction: && (>= net45) (>= netstandard1.3)
      Newtonsoft.Json (>= 9.0.1) - restriction: && (>= net45) (>= netstandard1.3)
      Npgsql (>= 3.2.5) - restriction: && (>= net45) (>= netstandard1.3)
      Remotion.Linq (>= 2.1.1) - restriction: && (>= net45) (>= netstandard1.3)
      System.Threading.Tasks.Dataflow (>= 4.7) - restriction: && (>= net45) (>= netstandard1.3)
    Microsoft.AspNet.Razor (2.0.30506)
    Microsoft.NETCore.Platforms (2.0) - restriction: || (&& (>= net45) (>= uap10.0)) (&& (>= net45) (< netstandard1.0) (>= netstandard1.3)) (&& (>= net45) (< netstandard1.0) (>= monoandroid)) (&& (>= net45) (< netstandard1.0) (>= portable-net451+win81+wpa81)) (&& (>= net45) (< netstandard1.3) (>= wpa81)) (&& (>= net45) (>= netstandard1.6)) (&& (>= net45) (< portable-net45+win8+wpa81)) (&& (>= net45) (< portable-net451+win81+wpa81)) (&& (>= net451) (< net452) (< netstandard1.3)) (&& (>= net46) (< netstandard1.4)) (>= net461)
    Microsoft.Win32.Primitives (4.3) - restriction: || (&& (>= net45) (>= uap10.0)) (&& (>= net45) (>= netstandard1.6)) (&& (>= net46) (< netstandard1.4))
    Moq (4.7.99)
      Castle.Core (>= 4.1.1)
    NETStandard.Library (2.0) - restriction: || (&& (>= net45) (< net452)) (&& (>= net45) (>= netstandard1.3))
      Microsoft.NETCore.Platforms (>= 1.1)
      Microsoft.Win32.Primitives (>= 4.3) - restriction: || (&& (>= net45) (>= uap10.0)) (&& (>= net45) (>= netstandard1.6)) (&& (>= net46) (< netstandard1.4))
      System.AppContext (>= 4.3) - restriction: || (&& (>= net45) (>= uap10.0)) (&& (>= net45) (>= netstandard1.6)) (&& (>= net46) (< netstandard1.4))
      System.Console (>= 4.3) - restriction: || (&& (>= net45) (>= uap10.0)) (&& (>= net45) (>= netstandard1.6)) (&& (>= net46) (< netstandard1.4))
      System.Globalization.Calendars (>= 4.3) - restriction: || (&& (>= net45) (>= uap10.0)) (&& (>= net45) (>= netstandard1.6)) (&& (>= net46) (< netstandard1.4))
      System.IO.Compression (>= 4.3) - restriction: || (&& (>= net45) (>= uap10.0)) (&& (>= net45) (>= netstandard1.6)) (&& (>= net46) (< netstandard1.4))
      System.IO.Compression.ZipFile (>= 4.3) - restriction: || (&& (>= net45) (>= uap10.0)) (&& (>= net45) (>= netstandard1.6)) (&& (>= net46) (< netstandard1.4))
      System.IO.FileSystem (>= 4.3) - restriction: || (&& (>= net45) (>= uap10.0)) (&& (>= net45) (>= netstandard1.6)) (&& (>= net46) (< netstandard1.4))
      System.IO.FileSystem.Primitives (>= 4.3) - restriction: || (&& (>= net45) (>= uap10.0)) (&& (>= net45) (>= netstandard1.6)) (&& (>= net46) (< netstandard1.4))
      System.Net.Http (>= 4.3.2) - restriction: || (&& (>= net45) (>= uap10.0)) (&& (>= net45) (>= netstandard1.6)) (&& (>= net46) (< netstandard1.4))
      System.Net.Sockets (>= 4.3) - restriction: || (&& (>= net45) (>= uap10.0)) (&& (>= net45) (>= netstandard1.6)) (&& (>= net46) (< netstandard1.4))
      System.Runtime.InteropServices.RuntimeInformation (>= 4.3) - restriction: || (&& (>= net45) (>= uap10.0)) (&& (>= net45) (< netstandard1.0) (>= portable-net451+win81+wpa81)) (&& (>= net45) (< netstandard1.0) (< portable-net451+win81+wpa81)) (&& (>= net45) (< netstandard1.3) (>= wpa81)) (&& (>= net45) (>= netstandard1.6)) (&& (>= net45) (< portable-net451+win81+wpa81)) (&& (>= net451) (< netstandard1.3)) (&& (>= net46) (< netstandard1.4))
      System.Security.Cryptography.Algorithms (>= 4.3) - restriction: || (&& (>= net45) (>= uap10.0)) (&& (>= net45) (>= netstandard1.6)) (&& (>= net46) (< netstandard1.4))
      System.Security.Cryptography.Encoding (>= 4.3) - restriction: || (&& (>= net45) (>= uap10.0)) (&& (>= net45) (>= netstandard1.6)) (&& (>= net46) (< netstandard1.4))
      System.Security.Cryptography.Primitives (>= 4.3) - restriction: || (&& (>= net45) (>= uap10.0)) (&& (>= net45) (>= netstandard1.6)) (&& (>= net46) (< netstandard1.4))
      System.Security.Cryptography.X509Certificates (>= 4.3) - restriction: || (&& (>= net45) (>= uap10.0)) (&& (>= net45) (>= netstandard1.6)) (&& (>= net46) (< netstandard1.4))
      System.Xml.ReaderWriter (>= 4.3) - restriction: || (&& (>= net45) (>= uap10.0)) (&& (>= net45) (>= netstandard1.6)) (&& (>= net45) (< portable-net45+win8+wpa81)) (&& (>= net46) (< netstandard1.4))
    Newtonsoft.Json (9.0.1)
    Npgsql (3.2.5)
      System.Threading.Tasks.Extensions (>= 4.3)
    Remotion.Linq (2.1.2) - restriction: && (>= net45) (>= netstandard1.3)
    Shouldly (2.8.3)
    Storyteller (3.0.1)
    structuremap (4.4.5)
    System.AppContext (4.3) - restriction: || (&& (>= net45) (>= uap10.0)) (&& (>= net45) (>= netstandard1.6)) (&& (>= net46) (< netstandard1.4))
    System.Collections (4.3)
    System.Console (4.3) - restriction: || (&& (>= net45) (>= uap10.0)) (&& (>= net45) (>= netstandard1.6)) (&& (>= net46) (< netstandard1.4))
    System.Dynamic.Runtime (4.3) - restriction: && (>= net45) (>= netstandard1.3)
    System.Globalization.Calendars (4.3) - restriction: || (&& (>= net45) (>= uap10.0)) (&& (>= net45) (>= netstandard1.6)) (&& (>= net46) (< netstandard1.4))
    System.IO.Compression (4.3) - restriction: || (&& (>= net45) (>= uap10.0)) (&& (>= net45) (>= netstandard1.6)) (&& (>= net46) (< netstandard1.4))
    System.IO.Compression.ZipFile (4.3) - restriction: || (&& (>= net45) (>= uap10.0)) (&& (>= net45) (>= netstandard1.6)) (&& (>= net46) (< netstandard1.4))
    System.IO.FileSystem (4.3) - restriction: || (&& (>= net45) (>= uap10.0)) (&& (>= net45) (>= netstandard1.6)) (&& (>= net46) (< netstandard1.4))
      System.IO.FileSystem.Primitives (>= 4.3) - restriction: || (&& (>= net45) (>= netstandard1.3)) (>= net46)
    System.IO.FileSystem.Primitives (4.3) - restriction: || (&& (>= net45) (>= uap10.0)) (&& (>= net45) (>= netstandard1.6)) (&& (>= net46) (>= uap10.0)) (&& (>= net46) (< netstandard1.4)) (&& (>= net46) (>= netstandard1.6))
    System.Net.Http (4.3.2) - restriction: || (&& (>= net45) (>= uap10.0)) (&& (>= net45) (>= netstandard1.6)) (&& (>= net46) (< netstandard1.4))
      System.Security.Cryptography.X509Certificates (>= 4.3) - restriction: || (&& (>= net45) (>= dnxcore50)) (&& (>= net45) (>= netstandard1.6)) (>= net46)
    System.Net.Sockets (4.3) - restriction: || (&& (>= net45) (>= uap10.0)) (&& (>= net45) (>= netstandard1.6)) (&& (>= net46) (< netstandard1.4))
    System.Reflection.Extensions (4.3) - restriction: || (&& (>= net45) (< net451) (>= netstandard1.3)) (>= net46)
    System.Runtime (4.3)
    System.Runtime.InteropServices.RuntimeInformation (4.3) - restriction: || (&& (>= net45) (>= uap10.0)) (&& (>= net45) (< netstandard1.0) (>= netstandard1.3)) (&& (>= net45) (< netstandard1.0) (>= portable-net451+win81+wpa81)) (&& (>= net45) (< netstandard1.3) (>= wpa81)) (&& (>= net45) (>= netstandard1.6)) (&& (>= net45) (< portable-net451+win81+wpa81)) (&& (>= net451) (< net452) (< netstandard1.3)) (&& (>= net46) (< netstandard1.4))
    System.Security.Cryptography.Algorithms (4.3) - restriction: || (&& (>= net45) (>= uap10.0)) (&& (>= net45) (>= netstandard1.6)) (&& (>= net46) (< netstandard1.4))
      System.Security.Cryptography.Primitives (>= 4.3) - restriction: || (&& (>= net45) (< net46) (>= netstandard1.3) (< netstandard1.4)) (&& (>= net45) (< net46) (>= netstandard1.4)) (&& (>= net45) (>= dnxcore50)) (&& (>= net45) (>= netstandard1.6)) (&& (>= net46) (< netstandard1.4)) (>= net461)
    System.Security.Cryptography.Encoding (4.3) - restriction: || (&& (>= net45) (>= uap10.0)) (&& (>= net45) (>= netstandard1.6)) (&& (>= net46) (< netstandard1.4))
    System.Security.Cryptography.Primitives (4.3) - restriction: || (&& (>= net45) (>= uap10.0)) (&& (>= net45) (>= netstandard1.6)) (&& (>= net46) (>= dnxcore50)) (&& (>= net46) (< netstandard1.4)) (&& (>= net461) (>= uap10.0)) (&& (>= net461) (< netstandard1.4)) (&& (>= net461) (>= netstandard1.6))
    System.Security.Cryptography.X509Certificates (4.3) - restriction: || (&& (>= net45) (>= uap10.0)) (&& (>= net45) (>= netstandard1.6)) (&& (>= net46) (>= uap10.0)) (&& (>= net46) (>= dnxcore50)) (&& (>= net46) (< netstandard1.4)) (&& (>= net46) (>= netstandard1.6))
      System.Security.Cryptography.Algorithms (>= 4.3) - restriction: || (&& (>= net45) (< net46) (>= netstandard1.3) (< netstandard1.4)) (&& (>= net45) (< net46) (>= netstandard1.4)) (&& (>= net45) (>= dnxcore50)) (&& (>= net45) (>= netstandard1.6)) (&& (>= net46) (< netstandard1.4)) (>= net461)
      System.Security.Cryptography.Encoding (>= 4.3) - restriction: || (&& (>= net45) (< net46) (>= netstandard1.3) (< netstandard1.4)) (&& (>= net45) (< net46) (>= netstandard1.4)) (&& (>= net45) (>= dnxcore50)) (&& (>= net45) (>= netstandard1.6)) (&& (>= net46) (< netstandard1.4)) (>= net461)
    System.Threading.Tasks (4.3)
    System.Threading.Tasks.Dataflow (4.8) - restriction: && (>= net45) (>= netstandard1.3)
      NETStandard.Library (>= 1.6.1)
      System.Dynamic.Runtime (>= 4.3)
    System.Threading.Tasks.Extensions (4.4)
      System.Collections (>= 4.3)
      System.Runtime (>= 4.3)
      System.Threading.Tasks (>= 4.3)
    System.Xml.ReaderWriter (4.3) - restriction: || (&& (>= net45) (>= uap10.0)) (&& (>= net45) (>= netstandard1.3) (< portable-net45+win8+wpa81)) (&& (>= net45) (>= netstandard1.6)) (&& (>= net46) (< netstandard1.4))
    xunit (2.2)
      xunit.assert (2.2)
      xunit.core (2.2)
    xunit.abstractions (2.0.1)
    xunit.assert (2.2)
      NETStandard.Library (>= 1.6) - restriction: && (>= net45) (< net452)
    xunit.core (2.2)
      xunit.extensibility.core (2.2)
      xunit.extensibility.execution (2.2)
    xunit.extensibility.core (2.2)
      NETStandard.Library (>= 1.6) - restriction: && (>= net45) (< net452)
      xunit.abstractions (>= 2.0.1)
    xunit.extensibility.execution (2.2)
      NETStandard.Library (>= 1.6) - restriction: && (>= net45) (< net452)
      xunit.extensibility.core (2.2)
    xunit.runner.console (2.2)
    xunit.runner.utility (2.2)
      xunit.abstractions (>= 2.0.1)
