FRAMEWORK: >= NET45
NUGET
  remote: https://www.nuget.org/api/v2
  specs:
    FubuCore (2.0.0.311)
    FubuLocalization (1.1.0.184)
      FubuCore (>= 0.9.9.139)
    FubuMVC.Core (3.0.0.2156-alpha)
      FubuCore (>= 2.0)
      FubuLocalization (>= 1.1)
      HtmlTags (>= 3.0)
      Newtonsoft.Json (4.5.9)
      structuremap (>= 4.0)
    HtmlTags (3.0.0.186)
    Newtonsoft.Json (4.5.9)
    Shouldly (2.6)
    Storyteller (3.0.0.333-rc)
    structuremap (4.0.0.272-alpha)
    xunit (2.1)
      xunit.assert (2.1)
      xunit.core (2.1)
    xunit.abstractions (2.0)
    xunit.assert (2.1)
    xunit.core (2.1)
      xunit.extensibility.core (2.1)
      xunit.extensibility.execution (2.1)
    xunit.extensibility.core (2.1)
      xunit.abstractions (2.0)
    xunit.extensibility.execution (2.1)
      xunit.extensibility.core (2.1)
    xunit.runner.console (2.1)
    xunit.runner.utility (2.1)
      xunit.abstractions (2.0)
