FRAMEWORK: >= NET45
NUGET
  remote: https://www.nuget.org/api/v2
  specs:
    FubuCore (2.0.1.321)
    FubuMVC.Core (3.0.0.2240-alpha)
      FubuCore (>= 2.0)
      HtmlTags (2.1.0.183)
      Newtonsoft.Json (4.5.9)
      structuremap (>= 4.0.0.315)
    FubuMVC.Razor (3.0.0.2240-alpha)
      FubuMVC.Core (>= 3.0)
      Microsoft.AspNet.Razor (>= 2.0.20715)
    HtmlTags (2.1.0.183)
    Microsoft.AspNet.Razor (3.2.3)
    Newtonsoft.Json (4.5.9)
    Shouldly (2.6)
    Storyteller (3.0.0.333-rc)
    structuremap (4.2.0.402)
    xunit (2.1)
      xunit.assert (2.1)
      xunit.core (2.1)
    xunit.abstractions (2.0)
    xunit.assert (2.1)
    xunit.core (2.1)
      xunit.extensibility.core (2.1)
      xunit.extensibility.execution (2.1)
    xunit.extensibility.core (2.1)
      xunit.abstractions (2.0)
    xunit.extensibility.execution (2.1)
      xunit.extensibility.core (2.1)
    xunit.runner.console (2.1)
    xunit.runner.utility (2.1)
      xunit.abstractions (2.0)
